PATH
  remote: .
  specs:
    anp_prices (1.02)
      nokogiri (>= 1.5.6)
      rest-client (>= 1.6.7)

GEM
  remote: http://rubygems.org/
  specs:
    diff-lcs (1.2.4)
    fakeweb (1.3.0)
    mime-types (1.23)
    nokogiri (1.5.9)
    rake (10.0.4)
    rest-client (1.6.7)
      mime-types (>= 1.16)
    rspec (2.13.0)
      rspec-core (~> 2.13.0)
      rspec-expectations (~> 2.13.0)
      rspec-mocks (~> 2.13.0)
    rspec-core (2.13.1)
    rspec-expectations (2.13.0)
      diff-lcs (>= 1.1.3, < 2.0)
    rspec-mocks (2.13.1)

PLATFORMS
  ruby

DEPENDENCIES
  anp_prices!
  fakeweb (>= 1.3)
  rake
  rspec
